PATH
  remote: .
  specs:
    sg_postcode (1.2.4)
      redis (~> 3.2)

GEM
  remote: https://rubygems.org/
  specs:
    docile (1.1.5)
    domain_name (0.5.24)
      unf (>= 0.0.5, < 1.0.0)
    http-cookie (1.0.2)
      domain_name (~> 0.5)
    json (1.8.3)
    mime-types (2.6.1)
    minitest (5.7.0)
    minitest-line (0.6.2)
      minitest (~> 5.0)
    netrc (0.10.3)
    rake (10.4.2)
    redis (3.2.1)
    rest-client (1.8.0)
      http-cookie (>= 1.0.2, < 2.0)
      mime-types (>= 1.16, < 3.0)
      netrc (~> 0.7)
    simplecov (0.10.0)
      docile (~> 1.1.0)
      json (~> 1.8)
      simplecov-html (~> 0.10.0)
    simplecov-html (0.10.0)
    unf (0.1.4)
      unf_ext
    unf_ext (0.0.7.1)

PLATFORMS
  ruby

DEPENDENCIES
  minitest
  minitest-line
  rake
  redis
  rest-client
  sg_postcode!
  simplecov
